GEM
  specs:
    letter_avatar (0.3.9)

PLATFORMS
  x86_64-linux

DEPENDENCIES
  letter_avatar

BUNDLED WITH
   2.4.7
